GIT
  remote: git@github.com:mdsol/mauth_signer.git
  revision: f957eebe2cc43b706b832a2b0c5705c4a481dafb
  tag: v0.6.3
  specs:
    mauth_signer (0.6.3)

PATH
  remote: .
  specs:
    rack-mauth (0.1.0)
      rack

GEM
  remote: http://rubygems.org/
  specs:
    archive-tar-minitar (0.5.2)
    columnize (0.3.5)
    diff-lcs (1.1.2)
    linecache19 (0.5.12)
      ruby_core_source (>= 0.1.4)
    rack (1.3.4)
    rspec (2.6.0)
      rspec-core (~> 2.6.0)
      rspec-expectations (~> 2.6.0)
      rspec-mocks (~> 2.6.0)
    rspec-core (2.6.4)
    rspec-expectations (2.6.0)
      diff-lcs (~> 1.1.2)
    rspec-mocks (2.6.0)
    ruby-debug-base19 (0.11.25)
      columnize (>= 0.3.1)
      linecache19 (>= 0.5.11)
      ruby_core_source (>= 0.1.4)
    ruby-debug19 (0.11.6)
      columnize (>= 0.3.1)
      linecache19 (>= 0.5.11)
      ruby-debug-base19 (>= 0.11.19)
    ruby_core_source (0.1.5)
      archive-tar-minitar (>= 0.5.2)
    timecop (0.3.5)

PLATFORMS
  ruby

DEPENDENCIES
  mauth_signer!
  rack-mauth!
  rspec (= 2.6.0)
  ruby-debug19 (= 0.11.6)
  timecop (= 0.3.5)
