PATH
  remote: .
  specs:
    mauth_signer (0.5.0)

GEM
  remote: http://rubygems.org/
  specs:
    rake (0.9.2)
    rcov (0.9.9)
    shoulda (2.11.3)

PLATFORMS
  ruby

DEPENDENCIES
  bundler (~> 1.0.0)
  mauth_signer!
  rake
  rcov
  shoulda
