GIT
  remote: git@github.com:mdsol/mauth_signer.git
  revision: 9348a0ecebb249690b8dd4048a7ecb71c7023b5b
  specs:
    mauth_signer (0.5.3)

PATH
  remote: .
  specs:
    rack-mauth (0.0.1)
      bundler (>= 1.0.0)
      rack

GEM
  remote: http://rubygems.org/
  specs:
    columnize (0.3.3)
    diff-lcs (1.1.2)
    linecache (0.46)
      rbx-require-relative (> 0.0.4)
    rack (1.3.2)
    rbx-require-relative (0.0.5)
    rspec (2.6.0)
      rspec-core (~> 2.6.0)
      rspec-expectations (~> 2.6.0)
      rspec-mocks (~> 2.6.0)
    rspec-core (2.6.4)
    rspec-expectations (2.6.0)
      diff-lcs (~> 1.1.2)
    rspec-mocks (2.6.0)
    ruby-debug (0.10.3)
      columnize (>= 0.1)
      ruby-debug-base (~> 0.10.3.0)
    ruby-debug-base (0.10.3)
      linecache (>= 0.3)
    timecop (0.3.5)

PLATFORMS
  ruby

DEPENDENCIES
  bundler (>= 1.0.0)
  mauth_signer (= 0.5.3)!
  rack
  rack-mauth!
  rspec (= 2.6.0)
  ruby-debug (= 0.10.3)
  timecop (= 0.3.5)
