PATH
  remote: ..
  specs:
    mauth-client (6.4.3)
      addressable (~> 2.0)
      coderay (~> 1.0)
      dice_bag (>= 0.9, < 2.0)
      faraday (>= 0.9, < 3.0)
      faraday-http-cache (>= 2.0, < 3.0)
      rack (> 2.2.3)
      term-ansicolor (~> 1.0)

GEM
  remote: https://rubygems.org/
  specs:
    addressable (2.8.1)
      public_suffix (>= 2.0.2, < 6.0)
    coderay (1.1.3)
    dice_bag (1.6.1)
      diff-lcs (~> 1.0)
      rake
      thor (< 2.0)
    diff-lcs (1.5.0)
    faraday (1.10.2)
      faraday-em_http (~> 1.0)
      faraday-em_synchrony (~> 1.0)
      faraday-excon (~> 1.1)
      faraday-httpclient (~> 1.0)
      faraday-multipart (~> 1.0)
      faraday-net_http (~> 1.0)
      faraday-net_http_persistent (~> 1.0)
      faraday-patron (~> 1.0)
      faraday-rack (~> 1.0)
      faraday-retry (~> 1.0)
      ruby2_keywords (>= 0.0.4)
    faraday-em_http (1.0.0)
    faraday-em_synchrony (1.0.0)
    faraday-excon (1.1.0)
    faraday-http-cache (2.4.1)
      faraday (>= 0.8)
    faraday-httpclient (1.0.1)
    faraday-multipart (1.0.4)
      multipart-post (~> 2)
    faraday-net_http (1.0.1)
    faraday-net_http_persistent (1.2.0)
    faraday-patron (1.0.0)
    faraday-rack (1.0.0)
    faraday-retry (1.0.3)
    multipart-post (2.2.3)
    public_suffix (5.0.0)
    rack (3.0.0)
    rake (13.0.6)
    ruby2_keywords (0.0.5)
    sync (0.5.0)
    term-ansicolor (1.7.1)
      tins (~> 1.0)
    thor (1.2.1)
    tins (1.31.1)
      sync

PLATFORMS
  ruby

DEPENDENCIES
  faraday (~> 1.0)
  mauth-client!

BUNDLED WITH
   2.2.29
