PATH
  remote: ..
  specs:
    mauth-client (6.1.0)
      addressable (~> 2.0)
      coderay (~> 1.0)
      dice_bag (>= 0.9, < 2.0)
      faraday (>= 0.9, < 2.0)
      faraday_middleware (>= 0.9, < 2.0)
      rack
      term-ansicolor (~> 1.0)

GEM
  remote: https://rubygems.org/
  specs:
    addressable (2.7.0)
      public_suffix (>= 2.0.2, < 5.0)
    coderay (1.1.3)
    dice_bag (1.4.1)
      diff-lcs (~> 1.0)
      rake
      thor (< 2.0)
    diff-lcs (1.4.4)
    faraday (1.0.1)
      multipart-post (>= 1.2, < 3)
    faraday_middleware (1.0.0)
      faraday (~> 1.0)
    multipart-post (2.1.1)
    public_suffix (4.0.6)
    rack (2.2.3)
    rake (13.0.1)
    sync (0.5.0)
    term-ansicolor (1.7.1)
      tins (~> 1.0)
    thor (1.0.1)
    tins (1.25.0)
      sync

PLATFORMS
  ruby

DEPENDENCIES
  faraday (~> 1.0)
  mauth-client!

BUNDLED WITH
   2.1.4
