PATH
  remote: ..
  specs:
    mauth-client (3.1.4)
      coderay (~> 1.0)
      dice_bag (>= 0.9, < 2.0)
      faraday (~> 0.7)
      faraday_middleware (~> 0.9)
      rack
      term-ansicolor (~> 1.0)

GEM
  remote: https://rubygems.org/
  specs:
    coderay (1.1.1)
    dice_bag (1.1.1)
      diff-lcs (~> 1.0)
      rake
      thor (~> 0.0)
    diff-lcs (1.2.5)
    faraday (0.9.2)
      multipart-post (>= 1.2, < 3)
    faraday_middleware (0.10.0)
      faraday (>= 0.7.4, < 0.10)
    multipart-post (2.0.0)
    rack (2.0.1)
    rake (11.2.2)
    term-ansicolor (1.3.2)
      tins (~> 1.0)
    thor (0.19.1)
    tins (1.11.0)

PLATFORMS
  ruby

DEPENDENCIES
  faraday (~> 0.9.0)
  mauth-client!

BUNDLED WITH
   1.12.5
