PATH
  remote: ..
  specs:
    mauth-client (4.1.0)
      coderay (~> 1.0)
      dice_bag (>= 0.9, < 2.0)
      faraday (~> 0.7)
      faraday_middleware (~> 0.9)
      rack
      term-ansicolor (~> 1.0)

GEM
  remote: https://rubygems.org/
  specs:
    coderay (1.1.2)
    dice_bag (1.3.1)
      diff-lcs (~> 1.0)
      rake
      thor (~> 0.0)
    diff-lcs (1.3)
    faraday (0.15.3)
      multipart-post (>= 1.2, < 3)
    faraday_middleware (0.12.2)
      faraday (>= 0.7.4, < 1.0)
    multipart-post (2.0.0)
    rack (2.0.6)
    rake (12.3.1)
    term-ansicolor (1.7.0)
      tins (~> 1.0)
    thor (0.20.3)
    tins (1.20.2)

PLATFORMS
  ruby

DEPENDENCIES
  faraday (~> 0.15)
  mauth-client!

BUNDLED WITH
   1.17.1
