PATH
  remote: ..
  specs:
    mauth-client (6.3.0)
      addressable (~> 2.0)
      coderay (~> 1.0)
      dice_bag (>= 0.9, < 2.0)
      faraday (>= 0.9, < 2.0)
      faraday-http-cache (>= 2.0, < 3.0)
      faraday_middleware (>= 0.9, < 2.0)
      rack
      term-ansicolor (~> 1.0)

GEM
  remote: https://rubygems.org/
  specs:
    addressable (2.8.0)
      public_suffix (>= 2.0.2, < 5.0)
    coderay (1.1.3)
    dice_bag (1.6.0)
      diff-lcs (~> 1.0)
      rake
      thor (< 2.0)
    diff-lcs (1.4.4)
    faraday (1.8.0)
      faraday-em_http (~> 1.0)
      faraday-em_synchrony (~> 1.0)
      faraday-excon (~> 1.1)
      faraday-httpclient (~> 1.0.1)
      faraday-net_http (~> 1.0)
      faraday-net_http_persistent (~> 1.1)
      faraday-patron (~> 1.0)
      faraday-rack (~> 1.0)
      multipart-post (>= 1.2, < 3)
      ruby2_keywords (>= 0.0.4)
    faraday-em_http (1.0.0)
    faraday-em_synchrony (1.0.0)
    faraday-excon (1.1.0)
    faraday-http-cache (2.2.0)
      faraday (>= 0.8)
    faraday-httpclient (1.0.1)
    faraday-net_http (1.0.1)
    faraday-net_http_persistent (1.2.0)
    faraday-patron (1.0.0)
    faraday-rack (1.0.0)
    faraday_middleware (1.2.0)
      faraday (~> 1.0)
    multipart-post (2.1.1)
    public_suffix (4.0.6)
    rack (2.2.3)
    rake (13.0.6)
    ruby2_keywords (0.0.5)
    sync (0.5.0)
    term-ansicolor (1.7.1)
      tins (~> 1.0)
    thor (1.1.0)
    tins (1.29.1)
      sync

PLATFORMS
  ruby

DEPENDENCIES
  faraday (~> 1.0)
  mauth-client!

BUNDLED WITH
   2.2.29
